GIT
  remote: https://github.com/genki/ruby-terminfo.git
  revision: f4a597d92dcc465e7b343f9afb8cd45607c8e969
  specs:
    ruby-terminfo (0.1.1)

GEM
  remote: https://rubygems.org/
  specs:
    addressable (2.8.7)
      public_suffix (>= 2.0.2, < 7.0)
    assert_value (1.5.6)
    base64 (0.2.0)
    bigdecimal (3.1.8)
    brotli (0.6.0)
    connection_pool (2.4.1)
    diff-lcs (1.5.1)
    domain_name (0.6.20240107)
    http-cookie (1.0.7)
      domain_name (~> 0.5)
    logger (1.6.1)
    mechanize (2.12.2)
      addressable (~> 2.8)
      base64
      domain_name (~> 0.5, >= 0.5.20190701)
      http-cookie (~> 1.0, >= 1.0.3)
      mime-types (~> 3.3)
      net-http-digest_auth (~> 1.4, >= 1.4.1)
      net-http-persistent (>= 2.5.2, < 5.0.dev)
      nkf
      nokogiri (~> 1.11, >= 1.11.2)
      rubyntlm (~> 0.6, >= 0.6.3)
      webrick (~> 1.7)
      webrobots (~> 0.1.2)
    mime-types (3.6.0)
      logger
      mime-types-data (~> 3.2015)
    mime-types-data (3.2024.1001)
    mini_portile2 (2.8.8)
    net-http-digest_auth (1.4.1)
    net-http-persistent (4.0.4)
      connection_pool (~> 2.2)
    net-sftp (4.0.0)
      net-ssh (>= 5.0.0, < 8.0.0)
    net-ssh (7.3.0)
    nkf (0.2.0)
    nokogiri (1.15.6)
      mini_portile2 (~> 2.8.2)
      racc (~> 1.4)
    public_suffix (5.1.1)
    racc (1.8.1)
    rspec (3.13.0)
      rspec-core (~> 3.13.0)
      rspec-expectations (~> 3.13.0)
      rspec-mocks (~> 3.13.0)
    rspec-core (3.13.2)
      rspec-support (~> 3.13.0)
    rspec-expectations (3.13.3)
      diff-lcs (>= 1.2.0, < 2.0)
      rspec-support (~> 3.13.0)
    rspec-mocks (3.13.2)
      diff-lcs (>= 1.2.0, < 2.0)
      rspec-support (~> 3.13.0)
    rspec-support (3.13.1)
    rspec_junit_formatter (0.6.0)
      rspec-core (>= 2, < 4, != 2.12.0)
    rubyntlm (0.6.5)
      base64
    sync (0.5.0)
    term-ansicolor (1.11.2)
      tins (~> 1.0)
    tins (1.37.0)
      bigdecimal
      sync
    webrick (1.9.0)
    webrobots (0.1.2)

PLATFORMS
  x86_64-linux

DEPENDENCIES
  assert_value
  brotli
  mechanize
  net-sftp
  rspec
  rspec_junit_formatter
  ruby-terminfo!
  term-ansicolor

RUBY VERSION
   ruby 3.3.7p123

BUNDLED WITH
   2.4.21
